GEM
  remote: https://rubygems.org/
  specs:
    motion-layout (0.0.1)
    rake (10.1.1)

PLATFORMS
  ruby

DEPENDENCIES
  motion-layout
  rake
